GEM
  remote: https://rubygems.org/
  specs:
    concurrent-ruby (1.1.9)

PLATFORMS
  x86_64-linux

DEPENDENCIES
  concurrent-ruby (~> 1.1)

BUNDLED WITH
   2.2.32
